GENERATE-LOAD-SCRIPTS: ON
STORAGE: NONE
RESTRICTION: == netcoreapp3.1
NUGET
  remote: https://api.nuget.org/v3/index.json
    Discord.Net (2.2)
      Discord.Net.Commands (>= 2.2)
      Discord.Net.Core (>= 2.2)
      Discord.Net.Rest (>= 2.2)
      Discord.Net.Webhook (>= 2.2)
      Discord.Net.WebSocket (>= 2.2)
    Discord.Net.Commands (2.2)
      Discord.Net.Core (>= 2.2)
    Discord.Net.Core (2.2)
      Newtonsoft.Json (>= 12.0.2)
      System.Collections.Immutable (>= 1.3.1)
      System.Interactive.Async (>= 4.0)
    Discord.Net.Rest (2.2)
      Discord.Net.Core (>= 2.2)
    Discord.Net.Webhook (2.2)
      Discord.Net.Core (>= 2.2)
      Discord.Net.Rest (>= 2.2)
    Discord.Net.WebSocket (2.2)
      Discord.Net.Core (>= 2.2)
      Discord.Net.Rest (>= 2.2)
    FSharp.Control.AsyncSeq (3.0.2)
      FSharp.Core (>= 4.3.2)
    FSharp.Core (5.0)
    Microsoft.Extensions.Configuration (3.1.9)
      Microsoft.Extensions.Configuration.Abstractions (>= 3.1.9)
    Microsoft.Extensions.Configuration.Abstractions (3.1.9)
      Microsoft.Extensions.Primitives (>= 3.1.9)
    Microsoft.Extensions.Primitives (3.1.9)
    Newtonsoft.Json (12.0.3)
    System.Collections.Immutable (1.7.1)
    System.Interactive.Async (4.1.1)
      System.Linq.Async (>= 4.1.1)
    System.Linq.Async (4.1.1)
